PATH
  remote: .
  specs:
    import (0.0.1)

GEM
  remote: http://rubygems.org/
  specs:
    flexmock (0.9.0)
    rake (0.9.2.2)

PLATFORMS
  ruby

DEPENDENCIES
  flexmock
  import!
  rake
